GEM
  remote: https://rubygems.org/
  specs:
    power_assert (2.0.5)
    rake (13.2.1)
    test-unit (3.6.8)
      power_assert

PLATFORMS
  arm64-darwin-24
  ruby

DEPENDENCIES
  rake
  test-unit

BUNDLED WITH
   2.6.8
